GEM
  remote: https://rubygems.org/
  specs:
    dotenv (2.8.1)

PLATFORMS
  x86_64-linux

DEPENDENCIES
  dotenv

BUNDLED WITH
   2.3.22
